PATH
  remote: ../objspace-stats
  specs:
    objspace-stats (0.1.0)

GEM
  remote: https://rubygems.org/
  specs:
    diff-lcs (1.2.4)
    rack (1.5.2)
    rspec (2.13.0)
      rspec-core (~> 2.13.0)
      rspec-expectations (~> 2.13.0)
      rspec-mocks (~> 2.13.0)
    rspec-core (2.13.1)
    rspec-expectations (2.13.0)
      diff-lcs (>= 1.1.3, < 2.0)
    rspec-mocks (2.13.1)
    yajl-ruby (1.1.0)

PLATFORMS
  ruby

DEPENDENCIES
  objspace-stats!
  rack
  rspec
  yajl-ruby (= 1.1.0)
